GEM
  remote: http://rubygems.org/
  specs:
    addressable (2.2.7)
    data_objects (0.10.8)
      addressable (~> 2.1)
    dm-core (1.2.0)
      addressable (~> 2.2.6)
    dm-do-adapter (1.2.0)
      data_objects (~> 0.10.6)
      dm-core (~> 1.2.0)
    dm-sqlite-adapter (1.2.0)
      dm-do-adapter (~> 1.2.0)
      do_sqlite3 (~> 0.10.6)
    do_sqlite3 (0.10.8)
      data_objects (= 0.10.8)
    rack (1.5.2)
    rack-protection (1.5.0)
      rack
    rubyzip (0.9.8)
    sass (3.1.19)
    sinatra (1.4.3)
      rack (~> 1.4)
      rack-protection (~> 1.4)
      tilt (~> 1.3, >= 1.3.4)
    sinatra-static-assets (1.0.4)
      sinatra (>= 1.1.0)
    tilt (1.4.1)

PLATFORMS
  ruby

DEPENDENCIES
  dm-sqlite-adapter (= 1.2.0)
  rubyzip
  sass
  sinatra (= 1.4.3)
  sinatra-static-assets (= 1.0.4)
